PATH
  remote: .
  specs:
    algonquin_stocks (1.1.0)

GEM
  remote: https://rubygems.org/
  specs:
    date (3.4.1)
    io-console (0.8.0)
    irb (1.15.2)
      pp (>= 0.6.0)
      rdoc (>= 4.0.0)
      reline (>= 0.4.2)
    pp (0.6.2)
      prettyprint
    prettyprint (0.2.0)
    psych (5.2.3)
      date
    rake (13.2.1)
    rdoc (6.13.1)
      psych (>= 4.0.0)
    reline (0.6.1)
      io-console (~> 0.5)

PLATFORMS
  ruby
  x86_64-linux-gnu

DEPENDENCIES
  algonquin_stocks!
  irb
  rake (~> 13.0)

BUNDLED WITH
   2.6.8
